GEM
  remote: http://rubygems.org/
  specs:
    addressable (2.2.8)
    daemons (1.1.8)
    eventmachine (0.12.10)
    excon (0.14.0)
    foreman (0.47.0)
      thor (>= 0.13.6)
    heroku (2.27.2)
      heroku-api (~> 0.2.5)
      launchy (>= 0.3.2)
      netrc (~> 0.7.4)
      rest-client (~> 1.6.1)
      rubyzip
    heroku-api (0.2.5)
      excon (~> 0.14.0)
    launchy (2.1.0)
      addressable (~> 2.2.6)
    mime-types (1.18)
    netrc (0.7.4)
    rack (1.4.1)
    rack-protection (1.2.0)
      rack
    rest-client (1.6.7)
      mime-types (>= 1.16)
    rubyzip (0.9.8)
    sinatra (1.3.2)
      rack (~> 1.3, >= 1.3.6)
      rack-protection (~> 1.2)
      tilt (~> 1.3, >= 1.3.3)
    thin (1.3.1)
      daemons (>= 1.0.9)
      eventmachine (>= 0.12.6)
      rack (>= 1.0.0)
    thor (0.15.2)
    tilt (1.3.3)

PLATFORMS
  ruby

DEPENDENCIES
  foreman
  heroku
  sinatra
  thin
